{
  "AcquisitionMatrixPE": 104,
  "AcquisitionNumber": 1,
  "AcquisitionTime": "10:11:44.072500",
  "BandwidthPerPixelPhaseEncode": 16.297,
  "BaseResolution": 104,
  "BodyPartExamined": "BRAIN",
  "ConsistencyInfo": "N4_VE11C_LATEST_20160120",
  "ConversionSoftware": "dcm2niix",
  "ConversionSoftwareVersion": "v1.0.20190410  GCC6.3.0",
  "DerivedVendorReportedEchoSpacing": 0.000590009,
  "DeviceSerialNumber": "166018",
  "DwellTime": 2.1e-06,
  "EchoTime": 0.0512,
  "EchoTrainLength": 91,
  "EffectiveEchoSpacing": 0.000590009,
  "FlipAngle": 90,
  "ImageOrientationPatientDICOM": [0.995256, 0.0256616, 0.0938485, -0.00903293, 0.984795, -0.173486],
  "ImageType": [
    "ORIGINAL",
    "PRIMARY",
    "M",
    "ND",
    "MOSAIC"
],
  "ImagingFrequency": 123.191,
  "InPlanePhaseEncodingDirectionDICOM": "COL",
  "InstitutionAddress": "Washington_Place_6_NYC_NYC_US_10003",
  "InstitutionName": "NYU_Center_for_Brain_Imaging",
  "InstitutionalDepartmentName": "Department",
  "MRAcquisitionType": "2D",
  "MagneticFieldStrength": 3,
  "Manufacturer": "Siemens",
  "ManufacturersModelName": "Prisma",
  "Modality": "MR",
  "PartialFourier": 0.875,
  "PatientPosition": "HFS",
  "PercentPhaseFOV": 100,
  "PhaseEncodingDirection": "j",
  "PhaseEncodingSteps": 91,
  "PhaseResolution": 1,
  "PixelBandwidth": 2290,
  "ProcedureStepDescription": "Investigators_Winawer",
  "ProtocolName": "FMRI_DISTORTION_PA_2mm_66sl",
  "PulseSequenceDetails": "%CustomerSeq%_cmrr_mbep2d_se",
  "ReceiveCoilActiveElements": "HC1-7",
  "ReceiveCoilName": "HeadNeck_64",
  "ReconMatrixPE": 104,
  "RepetitionTime": 6.35,
  "SAR": 0.165291,
  "ScanOptions": "PFP_FS",
  "ScanningSequence": "EP",
  "SequenceName": "epse2d1_104",
  "SequenceVariant": "SK",
  "SeriesDescription": "FMRI_DISTORTION_PA_2mm_66sl",
  "SeriesNumber": 6,
  "ShimSetting": [281, -12603, -8456, 398, -20, -152, -34, 10],
  "SliceThickness": 2,
  "SliceTiming": [3.165, 0, 3.26, 0.095, 3.355, 0.19, 3.4525, 0.2875, 3.5475, 0.3825, 3.6425, 0.48, 3.74, 0.575, 3.835, 0.67, 3.9325, 0.7675, 4.0275, 0.8625, 4.1225, 0.9575, 4.22, 1.055, 4.315, 1.15, 4.41, 1.245, 4.5075, 1.3425, 4.6025, 1.4375, 4.6975, 1.535, 4.795, 1.63, 4.89, 1.725, 4.985, 1.8225, 5.0825, 1.9175, 5.1775, 2.0125, 5.275, 2.11, 5.37, 2.205, 5.465, 2.3, 5.5625, 2.3975, 5.6575, 2.4925, 5.7525, 2.5875, 5.85, 2.685, 5.945, 2.78, 6.04, 2.8775, 6.1375, 2.9725, 6.2325, 3.0675],
  "SoftwareVersions": "syngo_MR_E11",
  "SpacingBetweenSlices": 2,
  "StationName": "AWP166018",
  "TotalReadoutTime": 0.060771,
  "TxRefAmp": 214.622,
  "WipMemBlock": "618ecef3-2cad-42f6-811c-798405eba7f6||Sequence: R016 ve11c/master r/8780670; Nov 27 2017 15:08:10 by eja",
  "dcmmeta_affine": [
    [-1.990511417388916, -0.01806586980819702, 0.19374698400497437, 105.07337951660156],
    [-0.051323290914297104, 1.9695899486541748, -0.3436298370361328, -70.17562866210938],
    [0.18769706785678864, 0.34697142243385315, 1.9607092142105103, -60.93413162231445],
    [0.0, 0.0, 0.0, 1.0]
],
  "dcmmeta_reorient_transform": [
    [0.0, -1.0, 0.0, 103.0],
    [1.0, 0.0, 0.0, 0.0],
    [0.0, 0.0, 1.0, 0.0],
    [0.0, 0.0, 0.0, 1.0]
],
  "dcmmeta_shape": [104, 104, 66, 3],
  "dcmmeta_slice_dim": 2,
  "dcmmeta_version": 0.6,
  "global": {
    "const": {
      "AccessionNumber": "k5qy39xa",
      "AcquisitionMatrix": [104, 0, 0, 104],
      "AngioFlag": "N",
      "BitsAllocated": 16,
      "BitsStored": 16,
      "BodyPartExamined": "BRAIN",
      "Columns": 936,
      "EchoNumbers": 1,
      "EchoTime": 51.2,
      "EchoTrainLength": 91,
      "FlipAngle": 90.0,
      "HighBit": 15,
      "ImageOrientationPatient": [0.99525571234847, 0.02566164565613, 0.09384853211406, -0.0090329349623, 0.98479496068576, -0.1734857097685],
      "ImagePositionPatient": [-923.74994340339, -973.3920321261, 41.062058135679],
      "ImageType": [
        "ORIGINAL",
        "PRIMARY",
        "M",
        "ND",
        "MOSAIC"
],
      "ImagedNucleus": "1H",
      "ImagingFrequency": 123.190759,
      "InPlanePhaseEncodingDirection": "COL",
      "LargestImagePixelValue": 65535,
      "MRAcquisitionType": "2D",
      "MagneticFieldStrength": 3.0,
      "Manufacturer": "SIEMENS",
      "ManufacturerModelName": "Prisma",
      "Modality": "MR",
      "NumberOfAverages": 1.0,
      "NumberOfPhaseEncodingSteps": 91,
      "PercentPhaseFieldOfView": 100.0,
      "PercentSampling": 100.0,
      "PerformedProcedureStepStartTime": "095915.033000",
      "PhotometricInterpretation": "MONOCHROME2",
      "PixelBandwidth": 2290.0,
      "PixelRepresentation": 0,
      "PixelSpacing": [2.0, 2.0],
      "ProtocolName": "FMRI_DISTORTION_PA_2mm_66sl",
      "RepetitionTime": 6350.0,
      "Rows": 936,
      "SAR": 0.1652910807964,
      "SamplesPerPixel": 1,
      "ScanOptions": [
        "PFP",
        "FS"
],
      "ScanningSequence": "EP",
      "SequenceName": "epse2d1_104",
      "SequenceVariant": "SK",
      "SeriesDescription": "FMRI_DISTORTION_PA_2mm_66sl",
      "SeriesNumber": 6,
      "SeriesTime": "101200.371000",
      "SliceLocation": -37.501011027782,
      "SliceThickness": 2.0,
      "SmallestImagePixelValue": 0,
      "SoftwareVersions": "syngo MR E11",
      "SpacingBetweenSlices": 1.999999987338,
      "SpecificCharacterSet": "ISO_IR 100",
      "StudyID": "1",
      "StudyTime": "095914.966000",
      "TransmitCoilName": "Body",
      "VariableFlipAngleFlag": "N",
      "WindowCenterWidthExplanation": "Algo1",
      "dBdt": 0.0},
    "slices": {}
  },
  "time": {
    "samples": {
      "AcquisitionNumber": [1, 2, 3],
      "AcquisitionTime": ["101144.072500", "101150.422500", "101156.772500"],
      "ContentTime": ["101200.375000", "101200.378000", "101200.381000"],
      "InstanceCreationTime": ["101200.375000", "101200.378000", "101200.381000"],
      "InstanceNumber": [1, 2, 3],
      "WindowCenter": [13839.0, 13841.0, 13833.0],
      "WindowWidth": [31065.0, 31074.0, 31049.0]
    },
    "slices": {}
  },
  "IntendedFor": [
    "ses-04/func/sub-wlsubj046_ses-04_task-sfprescaled_acq-PA_run-01_bold.nii.gz",
    "ses-04/func/sub-wlsubj046_ses-04_task-sfprescaled_acq-PA_run-01_sbref.nii.gz",
    "ses-04/func/sub-wlsubj046_ses-04_task-sfprescaled_acq-PA_run-02_bold.nii.gz",
    "ses-04/func/sub-wlsubj046_ses-04_task-sfprescaled_acq-PA_run-02_sbref.nii.gz",
    "ses-04/func/sub-wlsubj046_ses-04_task-sfprescaled_acq-PA_run-03_bold.nii.gz",
    "ses-04/func/sub-wlsubj046_ses-04_task-sfprescaled_acq-PA_run-03_sbref.nii.gz",
    "ses-04/func/sub-wlsubj046_ses-04_task-sfprescaled_acq-PA_run-04_bold.nii.gz",
    "ses-04/func/sub-wlsubj046_ses-04_task-sfprescaled_acq-PA_run-04_sbref.nii.gz",
    "ses-04/func/sub-wlsubj046_ses-04_task-sfprescaled_acq-PA_run-05_bold.nii.gz",
    "ses-04/func/sub-wlsubj046_ses-04_task-sfprescaled_acq-PA_run-05_sbref.nii.gz",
    "ses-04/func/sub-wlsubj046_ses-04_task-sfprescaled_acq-PA_run-06_bold.nii.gz",
    "ses-04/func/sub-wlsubj046_ses-04_task-sfprescaled_acq-PA_run-06_sbref.nii.gz",
    "ses-04/func/sub-wlsubj046_ses-04_task-sfprescaled_acq-PA_run-07_bold.nii.gz",
    "ses-04/func/sub-wlsubj046_ses-04_task-sfprescaled_acq-PA_run-07_sbref.nii.gz",
    "ses-04/func/sub-wlsubj046_ses-04_task-sfprescaled_acq-PA_run-08_bold.nii.gz",
    "ses-04/func/sub-wlsubj046_ses-04_task-sfprescaled_acq-PA_run-08_sbref.nii.gz",
    "ses-04/func/sub-wlsubj046_ses-04_task-sfprescaled_acq-PA_run-09_bold.nii.gz",
    "ses-04/func/sub-wlsubj046_ses-04_task-sfprescaled_acq-PA_run-09_sbref.nii.gz",
    "ses-04/func/sub-wlsubj046_ses-04_task-sfprescaled_acq-PA_run-10_bold.nii.gz",
    "ses-04/func/sub-wlsubj046_ses-04_task-sfprescaled_acq-PA_run-10_sbref.nii.gz",
    "ses-04/func/sub-wlsubj046_ses-04_task-sfprescaled_acq-PA_run-11_bold.nii.gz",
    "ses-04/func/sub-wlsubj046_ses-04_task-sfprescaled_acq-PA_run-11_sbref.nii.gz",
    "ses-04/func/sub-wlsubj046_ses-04_task-sfprescaled_acq-PA_run-12_bold.nii.gz",
    "ses-04/func/sub-wlsubj046_ses-04_task-sfprescaled_acq-PA_run-12_sbref.nii.gz"
  ]
}