{
  "AcquisitionMatrixPE": 104,
  "AcquisitionNumber": 1,
  "AcquisitionTime": "10:43:14.655000",
  "BandwidthPerPixelPhaseEncode": 16.297,
  "BaseResolution": 104,
  "BodyPartExamined": "BRAIN",
  "ConsistencyInfo": "N4_VE11C_LATEST_20160120",
  "ConversionSoftware": "dcm2niix",
  "ConversionSoftwareVersion": "v1.0.20190410  GCC6.3.0",
  "DerivedVendorReportedEchoSpacing": 0.000590009,
  "DeviceSerialNumber": "166018",
  "DwellTime": 2.1e-06,
  "EchoTime": 0.0512,
  "EchoTrainLength": 91,
  "EffectiveEchoSpacing": 0.000590009,
  "FlipAngle": 90,
  "ImageOrientationPatientDICOM": [0.998853, -0.0388923, 0.0279193, 0.0430869, 0.984487, -0.170083],
  "ImageType": [
    "ORIGINAL",
    "PRIMARY",
    "M",
    "ND",
    "MOSAIC"
],
  "ImagingFrequency": 123.191,
  "InPlanePhaseEncodingDirectionDICOM": "COL",
  "InstitutionAddress": "Washington_Place_6_NYC_NYC_US_10003",
  "InstitutionName": "NYU_-_CBI",
  "InstitutionalDepartmentName": "Department",
  "MRAcquisitionType": "2D",
  "MagneticFieldStrength": 3,
  "Manufacturer": "Siemens",
  "ManufacturersModelName": "Prisma",
  "Modality": "MR",
  "PartialFourier": 0.875,
  "PatientPosition": "HFS",
  "PercentPhaseFOV": 100,
  "PhaseEncodingDirection": "j-",
  "PhaseEncodingSteps": 91,
  "PhaseResolution": 1,
  "PixelBandwidth": 2290,
  "ProcedureStepDescription": "Investigators_Winawer",
  "ProtocolName": "FMRI_DISTORTION_AP_2mm_66sl",
  "PulseSequenceDetails": "%CustomerSeq%_cmrr_mbep2d_se",
  "ReceiveCoilActiveElements": "HC1-7",
  "ReceiveCoilName": "HeadNeck_64",
  "ReconMatrixPE": 104,
  "RepetitionTime": 6.35,
  "SAR": 0.161982,
  "ScanOptions": "PFP_FS",
  "ScanningSequence": "EP",
  "SequenceName": "epse2d1_104",
  "SequenceVariant": "SK",
  "SeriesDescription": "FMRI_DISTORTION_AP_2mm_66sl",
  "SeriesNumber": 5,
  "ShimSetting": [252, -12611, -8531, 327, -46, -7, 35, 0],
  "SliceThickness": 2,
  "SliceTiming": [3.165, 0, 3.26, 0.095, 3.3575, 0.1925, 3.4525, 0.2875, 3.5475, 0.3825, 3.645, 0.48, 3.74, 0.575, 3.835, 0.67, 3.9325, 0.7675, 4.0275, 0.8625, 4.1225, 0.96, 4.22, 1.055, 4.315, 1.15, 4.41, 1.2475, 4.5075, 1.3425, 4.6025, 1.4375, 4.7, 1.535, 4.795, 1.63, 4.89, 1.725, 4.9875, 1.8225, 5.0825, 1.9175, 5.1775, 2.0125, 5.275, 2.11, 5.37, 2.205, 5.465, 2.3025, 5.5625, 2.3975, 5.6575, 2.4925, 5.755, 2.59, 5.85, 2.685, 5.945, 2.78, 6.0425, 2.8775, 6.1375, 2.9725, 6.2325, 3.0675],
  "SoftwareVersions": "syngo_MR_E11",
  "SpacingBetweenSlices": 2,
  "StationName": "AWP166018",
  "TotalReadoutTime": 0.060771,
  "TxRefAmp": 216.634,
  "WipMemBlock": "08be4dc9-dc0c-494e-8302-e928e54cb45d||Sequence: R016 ve11c/master r/8780670; Nov 27 2017 15:08:10 by eja",
  "dcmmeta_affine": [
    [-1.9977065324783325, 0.0861738920211792, 0.04174263775348663, 103.73658752441406],
    [0.07778450101613998, 1.9689745903015137, -0.34218233823776245, -73.6180648803711],
    [0.0558386854827404, 0.34016647934913635, 1.970068335533142, -67.41401672363281],
    [0.0, 0.0, 0.0, 1.0]
],
  "dcmmeta_reorient_transform": [
    [0.0, -1.0, 0.0, 103.0],
    [1.0, 0.0, 0.0, 0.0],
    [0.0, 0.0, 1.0, 0.0],
    [0.0, 0.0, 0.0, 1.0]
],
  "dcmmeta_shape": [104, 104, 66, 3],
  "dcmmeta_slice_dim": 2,
  "dcmmeta_version": 0.6,
  "global": {
    "const": {
      "AccessionNumber": "k5odmn64",
      "AcquisitionMatrix": [104, 0, 0, 104],
      "AngioFlag": "N",
      "BitsAllocated": 16,
      "BitsStored": 16,
      "BodyPartExamined": "BRAIN",
      "Columns": 936,
      "EchoNumbers": 1,
      "EchoTime": 51.2,
      "EchoTrainLength": 91,
      "FlipAngle": 90.0,
      "HighBit": 15,
      "ImageOrientationPatient": [0.99885329406993, -0.0388922510526, 0.02791934336097, 0.04308694691435, 0.98448728111066, -0.1700832394357],
      "ImagePositionPatient": [-979.50677938651, -915.92138287249, 85.903491900522],
      "ImageType": [
        "ORIGINAL",
        "PRIMARY",
        "M",
        "ND",
        "MOSAIC"
],
      "ImagedNucleus": "1H",
      "ImagingFrequency": 123.190754,
      "InPlanePhaseEncodingDirection": "COL",
      "LargestImagePixelValue": 65535,
      "MRAcquisitionType": "2D",
      "MagneticFieldStrength": 3.0,
      "Manufacturer": "SIEMENS",
      "ManufacturerModelName": "Prisma",
      "Modality": "MR",
      "NumberOfAverages": 1.0,
      "NumberOfPhaseEncodingSteps": 91,
      "PercentPhaseFieldOfView": 100.0,
      "PercentSampling": 100.0,
      "PerformedProcedureStepStartTime": "103156.857000",
      "PhotometricInterpretation": "MONOCHROME2",
      "PixelBandwidth": 2290.0,
      "PixelRepresentation": 0,
      "PixelSpacing": [2.0, 2.0],
      "ProtocolName": "FMRI_DISTORTION_AP_2mm_66sl",
      "RepetitionTime": 6350.0,
      "Rows": 936,
      "SAR": 0.16198152596437,
      "SamplesPerPixel": 1,
      "ScanOptions": [
        "PFP",
        "FS"
],
      "ScanningSequence": "EP",
      "SequenceName": "epse2d1_104",
      "SequenceVariant": "SK",
      "SeriesDescription": "FMRI_DISTORTION_AP_2mm_66sl",
      "SeriesNumber": 5,
      "SeriesTime": "104331.086000",
      "SliceLocation": -51.644587110569,
      "SliceThickness": 2.0,
      "SmallestImagePixelValue": 0,
      "SoftwareVersions": "syngo MR E11",
      "SpacingBetweenSlices": 2.0000000771805,
      "SpecificCharacterSet": "ISO_IR 100",
      "StudyID": "1",
      "StudyTime": "103156.795000",
      "TransmitCoilName": "Body",
      "VariableFlipAngleFlag": "N",
      "WindowCenterWidthExplanation": "Algo1",
      "dBdt": 0.0},
    "slices": {}
  },
  "time": {
    "samples": {
      "AcquisitionNumber": [1, 2, 3],
      "AcquisitionTime": ["104314.655000", "104321.005000", "104327.355000"],
      "ContentTime": ["104331.090000", "104331.095000", "104331.098000"],
      "InstanceCreationTime": ["104331.090000", "104331.095000", "104331.098000"],
      "InstanceNumber": [1, 2, 3],
      "WindowCenter": [12658.0, 12644.0, 12653.0],
      "WindowWidth": [27747.0, 27690.0, 27736.0]
    },
    "slices": {}
  },
  "IntendedFor": [
    "ses-04/func/sub-wlsubj115_ses-04_task-sfprescaled_acq-PA_run-01_bold.nii.gz",
    "ses-04/func/sub-wlsubj115_ses-04_task-sfprescaled_acq-PA_run-01_sbref.nii.gz",
    "ses-04/func/sub-wlsubj115_ses-04_task-sfprescaled_acq-PA_run-02_bold.nii.gz",
    "ses-04/func/sub-wlsubj115_ses-04_task-sfprescaled_acq-PA_run-02_sbref.nii.gz",
    "ses-04/func/sub-wlsubj115_ses-04_task-sfprescaled_acq-PA_run-03_bold.nii.gz",
    "ses-04/func/sub-wlsubj115_ses-04_task-sfprescaled_acq-PA_run-03_sbref.nii.gz",
    "ses-04/func/sub-wlsubj115_ses-04_task-sfprescaled_acq-PA_run-04_bold.nii.gz",
    "ses-04/func/sub-wlsubj115_ses-04_task-sfprescaled_acq-PA_run-04_sbref.nii.gz",
    "ses-04/func/sub-wlsubj115_ses-04_task-sfprescaled_acq-PA_run-05_bold.nii.gz",
    "ses-04/func/sub-wlsubj115_ses-04_task-sfprescaled_acq-PA_run-05_sbref.nii.gz",
    "ses-04/func/sub-wlsubj115_ses-04_task-sfprescaled_acq-PA_run-06_bold.nii.gz",
    "ses-04/func/sub-wlsubj115_ses-04_task-sfprescaled_acq-PA_run-06_sbref.nii.gz",
    "ses-04/func/sub-wlsubj115_ses-04_task-sfprescaled_acq-PA_run-07_bold.nii.gz",
    "ses-04/func/sub-wlsubj115_ses-04_task-sfprescaled_acq-PA_run-07_sbref.nii.gz",
    "ses-04/func/sub-wlsubj115_ses-04_task-sfprescaled_acq-PA_run-08_bold.nii.gz",
    "ses-04/func/sub-wlsubj115_ses-04_task-sfprescaled_acq-PA_run-08_sbref.nii.gz",
    "ses-04/func/sub-wlsubj115_ses-04_task-sfprescaled_acq-PA_run-09_bold.nii.gz",
    "ses-04/func/sub-wlsubj115_ses-04_task-sfprescaled_acq-PA_run-09_sbref.nii.gz",
    "ses-04/func/sub-wlsubj115_ses-04_task-sfprescaled_acq-PA_run-10_bold.nii.gz",
    "ses-04/func/sub-wlsubj115_ses-04_task-sfprescaled_acq-PA_run-10_sbref.nii.gz",
    "ses-04/func/sub-wlsubj115_ses-04_task-sfprescaled_acq-PA_run-11_bold.nii.gz",
    "ses-04/func/sub-wlsubj115_ses-04_task-sfprescaled_acq-PA_run-11_sbref.nii.gz",
    "ses-04/func/sub-wlsubj115_ses-04_task-sfprescaled_acq-PA_run-12_bold.nii.gz",
    "ses-04/func/sub-wlsubj115_ses-04_task-sfprescaled_acq-PA_run-12_sbref.nii.gz"
  ]
}