{
  "AcquisitionMatrixPE": 104,
  "AcquisitionNumber": 1,
  "AcquisitionTime": "11:17:12.062500",
  "BandwidthPerPixelPhaseEncode": 16.297,
  "BaseResolution": 104,
  "BodyPartExamined": "BRAIN",
  "ConsistencyInfo": "N4_VE11C_LATEST_20160120",
  "ConversionSoftware": "dcm2niix",
  "ConversionSoftwareVersion": "v1.0.20190410  GCC6.3.0",
  "DerivedVendorReportedEchoSpacing": 0.000590009,
  "DeviceSerialNumber": "166018",
  "DwellTime": 2.1e-06,
  "EchoTime": 0.0512,
  "EchoTrainLength": 91,
  "EffectiveEchoSpacing": 0.000590009,
  "FlipAngle": 90,
  "ImageOrientationPatientDICOM": [0.999806, -0.017416, -0.00914958, 0.0150081, 0.975913, -0.217641],
  "ImageType": [
    "ORIGINAL",
    "PRIMARY",
    "M",
    "ND",
    "MOSAIC"
],
  "ImagingFrequency": 123.191,
  "InPlanePhaseEncodingDirectionDICOM": "COL",
  "InstitutionAddress": "Washington_Place_6_NYC_NYC_US_10003",
  "InstitutionName": "NYU_Center_for_Brain_Imaging",
  "InstitutionalDepartmentName": "Department",
  "MRAcquisitionType": "2D",
  "MagneticFieldStrength": 3,
  "Manufacturer": "Siemens",
  "ManufacturersModelName": "Prisma",
  "Modality": "MR",
  "PartialFourier": 0.875,
  "PatientPosition": "HFS",
  "PercentPhaseFOV": 100,
  "PhaseEncodingDirection": "j",
  "PhaseEncodingSteps": 91,
  "PhaseResolution": 1,
  "PixelBandwidth": 2290,
  "ProcedureStepDescription": "Investigators_Winawer",
  "ProtocolName": "FMRI_DISTORTION_PA_2mm_66sl",
  "PulseSequenceDetails": "%CustomerSeq%_cmrr_mbep2d_se",
  "ReceiveCoilActiveElements": "HC1-7",
  "ReceiveCoilName": "HeadNeck_64",
  "ReconMatrixPE": 104,
  "RepetitionTime": 6.35,
  "SAR": 0.158129,
  "ScanOptions": "PFP_FS",
  "ScanningSequence": "EP",
  "SequenceName": "epse2d1_104",
  "SequenceVariant": "SK",
  "SeriesDescription": "FMRI_DISTORTION_PA_2mm_66sl",
  "SeriesNumber": 6,
  "ShimSetting": [279, -12606, -8449, 336, -4, -238, -109, -14],
  "SliceThickness": 2,
  "SliceTiming": [3.165, 0, 3.26, 0.095, 3.3575, 0.1925, 3.4525, 0.2875, 3.5475, 0.3825, 3.645, 0.48, 3.74, 0.575, 3.835, 0.6725, 3.9325, 0.7675, 4.0275, 0.8625, 4.1225, 0.96, 4.22, 1.055, 4.315, 1.15, 4.4125, 1.2475, 4.5075, 1.3425, 4.6025, 1.4375, 4.7, 1.535, 4.795, 1.63, 4.89, 1.725, 4.9875, 1.8225, 5.0825, 1.9175, 5.1775, 2.015, 5.275, 2.11, 5.37, 2.205, 5.4675, 2.3025, 5.5625, 2.3975, 5.6575, 2.4925, 5.755, 2.59, 5.85, 2.685, 5.945, 2.78, 6.0425, 2.8775, 6.1375, 2.9725, 6.2325, 3.07],
  "SoftwareVersions": "syngo_MR_E11",
  "SpacingBetweenSlices": 2,
  "StationName": "AWP166018",
  "TotalReadoutTime": 0.060771,
  "TxRefAmp": 245.7,
  "WipMemBlock": "766c8727-626a-46ce-aab0-36a254a1b20e||Sequence: R016 ve11c/master r/8780670; Nov 27 2017 15:08:10 by eja",
  "dcmmeta_affine": [
    [-1.9996129274368286, 0.030016222968697548, -0.025439279153943062, 106.42506408691406],
    [0.03483204543590546, 1.9518269300460815, -0.4349231719970703, -69.68172454833984],
    [-0.01829916052520275, 0.43528205156326294, 1.9519720077514648, -66.03307342529297],
    [0.0, 0.0, 0.0, 1.0]
],
  "dcmmeta_reorient_transform": [
    [0.0, -1.0, 0.0, 103.0],
    [1.0, 0.0, 0.0, 0.0],
    [0.0, 0.0, 1.0, 0.0],
    [0.0, 0.0, 0.0, 1.0]
],
  "dcmmeta_shape": [104, 104, 66, 3],
  "dcmmeta_slice_dim": 2,
  "dcmmeta_version": 0.6,
  "global": {
    "const": {
      "AccessionNumber": "k5rbL6p1",
      "AcquisitionMatrix": [104, 0, 0, 104],
      "AngioFlag": "N",
      "BitsAllocated": 16,
      "BitsStored": 16,
      "BodyPartExamined": "BRAIN",
      "Columns": 936,
      "EchoNumbers": 1,
      "EchoTime": 51.2,
      "EchoTrainLength": 91,
      "FlipAngle": 90.0,
      "HighBit": 15,
      "ImageOrientationPatient": [0.99980646495223, -0.0174160221162, -0.0091495799559, 0.0150081115578, 0.97591349025416, -0.2176410258371],
      "ImagePositionPatient": [-953.84246633373, -928.82634822519, 167.4907630342],
      "ImageType": [
        "ORIGINAL",
        "PRIMARY",
        "M",
        "ND",
        "MOSAIC"
],
      "ImagedNucleus": "1H",
      "ImagingFrequency": 123.190714,
      "InPlanePhaseEncodingDirection": "COL",
      "LargestImagePixelValue": 65535,
      "MRAcquisitionType": "2D",
      "MagneticFieldStrength": 3.0,
      "Manufacturer": "SIEMENS",
      "ManufacturerModelName": "Prisma",
      "Modality": "MR",
      "NumberOfAverages": 1.0,
      "NumberOfPhaseEncodingSteps": 91,
      "PercentPhaseFieldOfView": 100.0,
      "PercentSampling": 100.0,
      "PerformedProcedureStepStartTime": "111304.219000",
      "PhotometricInterpretation": "MONOCHROME2",
      "PixelBandwidth": 2290.0,
      "PixelRepresentation": 0,
      "PixelSpacing": [2.0, 2.0],
      "ProtocolName": "FMRI_DISTORTION_PA_2mm_66sl",
      "RepetitionTime": 6350.0,
      "Rows": 936,
      "SAR": 0.15812900311729,
      "SamplesPerPixel": 1,
      "ScanOptions": [
        "PFP",
        "FS"
],
      "ScanningSequence": "EP",
      "SequenceName": "epse2d1_104",
      "SequenceVariant": "SK",
      "SeriesDescription": "FMRI_DISTORTION_PA_2mm_66sl",
      "SeriesNumber": 6,
      "SeriesTime": "111728.398000",
      "SliceLocation": -50.647944165855,
      "SliceThickness": 2.0,
      "SmallestImagePixelValue": 0,
      "SoftwareVersions": "syngo MR E11",
      "SpacingBetweenSlices": 1.9999999674386,
      "SpecificCharacterSet": "ISO_IR 100",
      "StudyID": "1",
      "StudyTime": "111304.154000",
      "TransmitCoilName": "Body",
      "VariableFlipAngleFlag": "N",
      "WindowCenterWidthExplanation": "Algo1",
      "dBdt": 0.0},
    "slices": {}
  },
  "time": {
    "samples": {
      "AcquisitionNumber": [1, 2, 3],
      "AcquisitionTime": ["111712.062500", "111718.412500", "111724.762500"],
      "ContentTime": ["111728.402000", "111728.405000", "111728.408000"],
      "InstanceCreationTime": ["111728.402000", "111728.405000", "111728.408000"],
      "InstanceNumber": [1, 2, 3],
      "WindowCenter": [12949.0, 12948.0, 12941.0],
      "WindowWidth": [28580.0, 28578.0, 28570.0]
    },
    "slices": {}
  },
  "IntendedFor": [
    "ses-04/func/sub-wlsubj121_ses-04_task-sfprescaled_acq-PA_run-01_bold.nii.gz",
    "ses-04/func/sub-wlsubj121_ses-04_task-sfprescaled_acq-PA_run-01_sbref.nii.gz",
    "ses-04/func/sub-wlsubj121_ses-04_task-sfprescaled_acq-PA_run-02_bold.nii.gz",
    "ses-04/func/sub-wlsubj121_ses-04_task-sfprescaled_acq-PA_run-02_sbref.nii.gz",
    "ses-04/func/sub-wlsubj121_ses-04_task-sfprescaled_acq-PA_run-03_bold.nii.gz",
    "ses-04/func/sub-wlsubj121_ses-04_task-sfprescaled_acq-PA_run-03_sbref.nii.gz",
    "ses-04/func/sub-wlsubj121_ses-04_task-sfprescaled_acq-PA_run-04_bold.nii.gz",
    "ses-04/func/sub-wlsubj121_ses-04_task-sfprescaled_acq-PA_run-04_sbref.nii.gz",
    "ses-04/func/sub-wlsubj121_ses-04_task-sfprescaled_acq-PA_run-05_bold.nii.gz",
    "ses-04/func/sub-wlsubj121_ses-04_task-sfprescaled_acq-PA_run-05_sbref.nii.gz",
    "ses-04/func/sub-wlsubj121_ses-04_task-sfprescaled_acq-PA_run-06_bold.nii.gz",
    "ses-04/func/sub-wlsubj121_ses-04_task-sfprescaled_acq-PA_run-06_sbref.nii.gz",
    "ses-04/func/sub-wlsubj121_ses-04_task-sfprescaled_acq-PA_run-07_bold.nii.gz",
    "ses-04/func/sub-wlsubj121_ses-04_task-sfprescaled_acq-PA_run-07_sbref.nii.gz",
    "ses-04/func/sub-wlsubj121_ses-04_task-sfprescaled_acq-PA_run-08_bold.nii.gz",
    "ses-04/func/sub-wlsubj121_ses-04_task-sfprescaled_acq-PA_run-08_sbref.nii.gz",
    "ses-04/func/sub-wlsubj121_ses-04_task-sfprescaled_acq-PA_run-09_bold.nii.gz",
    "ses-04/func/sub-wlsubj121_ses-04_task-sfprescaled_acq-PA_run-09_sbref.nii.gz",
    "ses-04/func/sub-wlsubj121_ses-04_task-sfprescaled_acq-PA_run-10_bold.nii.gz",
    "ses-04/func/sub-wlsubj121_ses-04_task-sfprescaled_acq-PA_run-10_sbref.nii.gz",
    "ses-04/func/sub-wlsubj121_ses-04_task-sfprescaled_acq-PA_run-11_bold.nii.gz",
    "ses-04/func/sub-wlsubj121_ses-04_task-sfprescaled_acq-PA_run-11_sbref.nii.gz",
    "ses-04/func/sub-wlsubj121_ses-04_task-sfprescaled_acq-PA_run-12_bold.nii.gz",
    "ses-04/func/sub-wlsubj121_ses-04_task-sfprescaled_acq-PA_run-12_sbref.nii.gz"
  ]
}