{
  "AcquisitionMatrixPE": 104,
  "AcquisitionNumber": 1,
  "AcquisitionTime": "11:02:1.552500",
  "BandwidthPerPixelPhaseEncode": 16.578,
  "BaseResolution": 104,
  "BodyPartExamined": "BRAIN",
  "ConsistencyInfo": "N4_VE11C_LATEST_20160120",
  "ConversionSoftware": "dcm2niix",
  "ConversionSoftwareVersion": "v1.0.20190410  GCC6.3.0",
  "DerivedVendorReportedEchoSpacing": 0.000580009,
  "DeviceSerialNumber": "166018",
  "DwellTime": 2.1e-06,
  "EchoTime": 0.037,
  "EchoTrainLength": 104,
  "EffectiveEchoSpacing": 0.000580009,
  "FlipAngle": 68,
  "ImageComments": "Unaliased_MB6_PE3_LB",
  "ImageOrientationPatientDICOM": [0.995442, 0.0831316, 0.0467403, -0.0820152, 0.996309, -0.0253203],
  "ImageType": [
    "ORIGINAL",
    "PRIMARY",
    "M",
    "MB",
    "ND",
    "MOSAIC"
],
  "ImagingFrequency": 123.191,
  "InPlanePhaseEncodingDirectionDICOM": "COL",
  "InstitutionAddress": "Washington_Place_6_NYC_NYC_US_10003",
  "InstitutionName": "NYU_Center_for_Brain_Imaging",
  "InstitutionalDepartmentName": "Department",
  "MRAcquisitionType": "2D",
  "MagneticFieldStrength": 3,
  "Manufacturer": "Siemens",
  "ManufacturersModelName": "Prisma",
  "Modality": "MR",
  "MultibandAccelerationFactor": 6,
  "PartialFourier": 1,
  "PatientPosition": "HFS",
  "PercentPhaseFOV": 100,
  "PhaseEncodingDirection": "j",
  "PhaseEncodingSteps": 104,
  "PhaseResolution": 1,
  "PixelBandwidth": 2290,
  "ProcedureStepDescription": "Investigators_Winawer",
  "ProtocolName": "task-sfprescaled_cmrr_mbepi_s6_2mm_66sl_PA_TR1.0",
  "PulseSequenceDetails": "%CustomerSeq%_cmrr_mbep2d_bold",
  "ReceiveCoilActiveElements": "HC1-7",
  "ReceiveCoilName": "HeadNeck_64",
  "ReconMatrixPE": 104,
  "RepetitionTime": 1,
  "SAR": 0.0685127,
  "ScanOptions": "FS",
  "ScanningSequence": "EP",
  "SequenceName": "epfid2d1_104",
  "SequenceVariant": "SK_SS",
  "SeriesDescription": "task-sfprescaled_cmrr_mbepi_s6_2mm_66sl_PA_TR1.0",
  "SeriesNumber": 28,
  "ShimSetting": [277, -12593, -8545, 325, -6, -111, -35, 26],
  "SliceThickness": 2,
  "SliceTiming": [0, 0.535, 0.09, 0.625, 0.18, 0.715, 0.2675, 0.8025, 0.3575, 0.8925, 0.4475, 0, 0.535, 0.09, 0.625, 0.18, 0.715, 0.2675, 0.8025, 0.3575, 0.8925, 0.4475, 0, 0.535, 0.09, 0.625, 0.18, 0.715, 0.2675, 0.8025, 0.3575, 0.8925, 0.4475, 0, 0.535, 0.09, 0.625, 0.18, 0.715, 0.2675, 0.8025, 0.3575, 0.8925, 0.4475, 0, 0.535, 0.09, 0.625, 0.18, 0.715, 0.2675, 0.8025, 0.3575, 0.8925, 0.4475, 0, 0.535, 0.09, 0.625, 0.18, 0.715, 0.2675, 0.8025, 0.3575, 0.8925, 0.4475],
  "SoftwareVersions": "syngo_MR_E11",
  "SpacingBetweenSlices": 2,
  "StationName": "AWP166018",
  "TaskName": "sfprescaled",
  "TotalReadoutTime": 0.0597409,
  "TxRefAmp": 203.092,
  "WipMemBlock": "7de05b99-da33-4cf8-aed5-c1e525a8e42a||Sequence: R016 ve11c/master r/8780670; Nov 27 2017 15:05:12 by eja",
  "dcmmeta_affine": [
    [-1.990883708000183, -0.16403035819530487, 0.09734547138214111, 113.74717712402344],
    [-0.16626325249671936, 1.9926187992095947, -0.04274289309978485, -73.30086517333984],
    [0.09348063915967941, 0.05064055323600769, 1.997172236442566, -41.04076385498047],
    [0.0, 0.0, 0.0, 1.0]
],
  "dcmmeta_reorient_transform": [
    [0.0, -1.0, 0.0, 103.0],
    [1.0, 0.0, 0.0, 0.0],
    [0.0, 0.0, 1.0, 0.0],
    [0.0, 0.0, 0.0, 1.0]
],
  "dcmmeta_shape": [104, 104, 66, 264],
  "dcmmeta_slice_dim": 2,
  "dcmmeta_version": 0.6,
  "global": {
    "const": {
      "AccessionNumber": "jv3y3i0c",
  "NumberOfVolumes": 264,
      "AcquisitionMatrix": [104, 0, 0, 104],
      "AngioFlag": "N",
      "BitsAllocated": 16,
      "BitsStored": 16,
      "BodyPartExamined": "BRAIN",
      "Columns": 936,
      "EchoNumbers": 1,
      "EchoTime": 37.0,
      "EchoTrainLength": 104,
      "FlipAngle": 68.0,
      "HighBit": 15,
      "ImageOrientationPatient": [0.99544184899904, 0.08313162831178, 0.04674032130395, -0.0820151813389, 0.99630938650778, -0.0253202761922],
      "ImagePositionPatient": [-856.82303483909, -1030.0337956389, -53.646265343491],
      "ImageType": [
        "ORIGINAL",
        "PRIMARY",
        "M",
        "MB",
        "ND",
        "MOSAIC"
],
      "ImagedNucleus": "1H",
      "ImagingFrequency": 123.191083,
      "InPlanePhaseEncodingDirection": "COL",
      "MRAcquisitionType": "2D",
      "MagneticFieldStrength": 3.0,
      "Manufacturer": "SIEMENS",
      "ManufacturerModelName": "Prisma",
      "Modality": "MR",
      "NumberOfAverages": 1.0,
      "NumberOfPhaseEncodingSteps": 104,
      "PercentPhaseFieldOfView": 100.0,
      "PercentSampling": 100.0,
      "PerformedProcedureStepStartTime": "100021.887000",
      "PhotometricInterpretation": "MONOCHROME2",
      "PixelBandwidth": 2290.0,
      "PixelRepresentation": 0,
      "PixelSpacing": [2.0, 2.0],
      "ProtocolName": "task-sfprescaled_cmrr_mbepi_s6_2mm_66sl_PA_TR1.0",
      "RepetitionTime": 1000.0,
      "Rows": 936,
      "SAR": 0.06851266208846,
      "SamplesPerPixel": 1,
      "ScanOptions": "FS",
      "ScanningSequence": "EP",
      "SequenceName": "epfid2d1_104",
      "SequenceVariant": [
        "SK",
        "SS"
],
      "SeriesDescription": "task-sfprescaled_cmrr_mbepi_s6_2mm_66sl_PA_TR1.0",
      "SeriesNumber": 28,
      "SeriesTime": "110301.940000",
      "SliceLocation": -33.879805977721,
      "SliceThickness": 2.0,
      "SmallestImagePixelValue": 0,
      "SoftwareVersions": "syngo MR E11",
      "SpacingBetweenSlices": 2.0000000256817,
      "SpecificCharacterSet": "ISO_IR 100",
      "StudyID": "1",
      "StudyTime": "100021.836000",
      "TransmitCoilName": "Body",
      "VariableFlipAngleFlag": "N",
      "WindowCenterWidthExplanation": "Algo1",
      "dBdt": 0.0},
