{
  "AcquisitionMatrixPE": 104,
  "AcquisitionNumber": 1,
  "AcquisitionTime": "10:31:8.082500",
  "BandwidthPerPixelPhaseEncode": 16.297,
  "BaseResolution": 104,
  "BodyPartExamined": "BRAIN",
  "ConsistencyInfo": "N4_VE11C_LATEST_20160120",
  "ConversionSoftware": "dcm2niix",
  "ConversionSoftwareVersion": "v1.0.20190410  GCC6.3.0",
  "DerivedVendorReportedEchoSpacing": 0.000590009,
  "DeviceSerialNumber": "166018",
  "DwellTime": 2.1e-06,
  "EchoTime": 0.0512,
  "EchoTrainLength": 91,
  "EffectiveEchoSpacing": 0.000590009,
  "FlipAngle": 90,
  "ImageOrientationPatientDICOM": [0.99899, 0.0441731, -0.00825844, -0.0448397, 0.991993, -0.118064],
  "ImageType": [
    "ORIGINAL",
    "PRIMARY",
    "M",
    "ND",
    "MOSAIC"
],
  "ImagingFrequency": 123.191,
  "InPlanePhaseEncodingDirectionDICOM": "COL",
  "InstitutionAddress": "Washington_Place_6_NYC_NYC_US_10003",
  "InstitutionName": "NYU_Center_for_Brain_Imaging",
  "InstitutionalDepartmentName": "Department",
  "MRAcquisitionType": "2D",
  "MagneticFieldStrength": 3,
  "Manufacturer": "Siemens",
  "ManufacturersModelName": "Prisma",
  "Modality": "MR",
  "PartialFourier": 0.875,
  "PatientPosition": "HFS",
  "PercentPhaseFOV": 100,
  "PhaseEncodingDirection": "j",
  "PhaseEncodingSteps": 91,
  "PhaseResolution": 1,
  "PixelBandwidth": 2290,
  "ProcedureStepDescription": "Investigators_Winawer",
  "ProtocolName": "FMRI_DISTORTION_PA_2mm_66sl",
  "PulseSequenceDetails": "%CustomerSeq%_cmrr_mbep2d_se",
  "ReceiveCoilActiveElements": "HC1-7",
  "ReceiveCoilName": "HeadNeck_64",
  "ReconMatrixPE": 104,
  "RepetitionTime": 6.35,
  "SAR": 0.189408,
  "ScanOptions": "PFP_FS",
  "ScanningSequence": "EP",
  "SequenceName": "epse2d1_104",
  "SequenceVariant": "SK",
  "SeriesDescription": "FMRI_DISTORTION_PA_2mm_66sl",
  "SeriesNumber": 6,
  "ShimSetting": [265, -12635, -8448, 454, 41, -196, 58, -2],
  "SliceThickness": 2,
  "SliceTiming": [3.1625, 0, 3.26, 0.095, 3.355, 0.19, 3.4525, 0.2875, 3.5475, 0.3825, 3.6425, 0.4775, 3.74, 0.575, 3.835, 0.67, 3.93, 0.765, 4.0275, 0.8625, 4.1225, 0.9575, 4.2175, 1.055, 4.315, 1.15, 4.41, 1.245, 4.505, 1.3425, 4.6025, 1.4375, 4.6975, 1.5325, 4.795, 1.63, 4.89, 1.725, 4.985, 1.82, 5.0825, 1.9175, 5.1775, 2.0125, 5.2725, 2.1075, 5.37, 2.205, 5.465, 2.3, 5.56, 2.3975, 5.6575, 2.4925, 5.7525, 2.5875, 5.85, 2.685, 5.945, 2.78, 6.04, 2.875, 6.1375, 2.9725, 6.2325, 3.0675],
  "SoftwareVersions": "syngo_MR_E11",
  "SpacingBetweenSlices": 2,
  "IntendedFor": [
    "ses-04/func/sub-wlsubj081_ses-04_task-sfprescaled_acq-PA_run-01_bold.nii.gz",
    "ses-04/func/sub-wlsubj081_ses-04_task-sfprescaled_acq-PA_run-01_sbref.nii.gz",
    "ses-04/func/sub-wlsubj081_ses-04_task-sfprescaled_acq-PA_run-02_bold.nii.gz",
    "ses-04/func/sub-wlsubj081_ses-04_task-sfprescaled_acq-PA_run-02_sbref.nii.gz",
    "ses-04/func/sub-wlsubj081_ses-04_task-sfprescaled_acq-PA_run-03_bold.nii.gz",
    "ses-04/func/sub-wlsubj081_ses-04_task-sfprescaled_acq-PA_run-03_sbref.nii.gz",
    "ses-04/func/sub-wlsubj081_ses-04_task-sfprescaled_acq-PA_run-04_bold.nii.gz",
    "ses-04/func/sub-wlsubj081_ses-04_task-sfprescaled_acq-PA_run-04_sbref.nii.gz",
    "ses-04/func/sub-wlsubj081_ses-04_task-sfprescaled_acq-PA_run-05_bold.nii.gz",
    "ses-04/func/sub-wlsubj081_ses-04_task-sfprescaled_acq-PA_run-05_sbref.nii.gz",
    "ses-04/func/sub-wlsubj081_ses-04_task-sfprescaled_acq-PA_run-06_bold.nii.gz",
    "ses-04/func/sub-wlsubj081_ses-04_task-sfprescaled_acq-PA_run-06_sbref.nii.gz",
    "ses-04/func/sub-wlsubj081_ses-04_task-sfprescaled_acq-PA_run-07_bold.nii.gz",
    "ses-04/func/sub-wlsubj081_ses-04_task-sfprescaled_acq-PA_run-07_sbref.nii.gz",
    "ses-04/func/sub-wlsubj081_ses-04_task-sfprescaled_acq-PA_run-08_bold.nii.gz",
    "ses-04/func/sub-wlsubj081_ses-04_task-sfprescaled_acq-PA_run-08_sbref.nii.gz",
    "ses-04/func/sub-wlsubj081_ses-04_task-sfprescaled_acq-PA_run-09_bold.nii.gz",
    "ses-04/func/sub-wlsubj081_ses-04_task-sfprescaled_acq-PA_run-09_sbref.nii.gz",
    "ses-04/func/sub-wlsubj081_ses-04_task-sfprescaled_acq-PA_run-10_bold.nii.gz",
    "ses-04/func/sub-wlsubj081_ses-04_task-sfprescaled_acq-PA_run-10_sbref.nii.gz",
    "ses-04/func/sub-wlsubj081_ses-04_task-sfprescaled_acq-PA_run-11_bold.nii.gz",
    "ses-04/func/sub-wlsubj081_ses-04_task-sfprescaled_acq-PA_run-11_sbref.nii.gz",
    "ses-04/func/sub-wlsubj081_ses-04_task-sfprescaled_acq-PA_run-12_bold.nii.gz",
    "ses-04/func/sub-wlsubj081_ses-04_task-sfprescaled_acq-PA_run-12_sbref.nii.gz"
  ],
  "TotalReadoutTime": 0.060771,
  "TxRefAmp": 241.817,
  "WipMemBlock": "88c804f4-cc88-4a49-923c-a1a0c4bebf77||Sequence: R016 ve11c/master r/8780670; Nov 27 2017 15:08:10 by eja",
  "dcmmeta_affine": [
    [-1.9979795217514038, -0.08967939764261246, -0.005954112391918898, 114.80790710449219],
    [-0.08834613114595413, 1.9839861392974854, -0.23663045465946198, -70.72012329101562],
    [-0.016516877338290215, 0.23612840473651886, 1.9859431982040405, -61.84959030151367],
    [0.0, 0.0, 0.0, 1.0]
],
  "dcmmeta_reorient_transform": [
    [0.0, -1.0, 0.0, 103.0],
    [1.0, 0.0, 0.0, 0.0],
    [0.0, 0.0, 1.0, 0.0],
    [0.0, 0.0, 0.0, 1.0]
],
  "dcmmeta_shape": [104, 104, 66, 3],
  "dcmmeta_slice_dim": 2,
  "dcmmeta_version": 0.6,
  "global": {
    "const": {
      "AccessionNumber": "jtu8gsdq",
      "AcquisitionMatrix": [104, 0, 0, 104],
      "AngioFlag": "N",
      "BitsAllocated": 16,
      "BitsStored": 16,
      "BodyPartExamined": "BRAIN",
      "Columns": 936,
      "EchoNumbers": 1,
      "EchoTime": 51.2,
      "EchoTrainLength": 91,
      "FlipAngle": 90.0,
      "HighBit": 15,
      "ImageOrientationPatient": [0.99898975894172, 0.04417306557246, -0.0082584385629, -0.0448396996635, 0.99199306765871, -0.1180641988545],
      "ImagePositionPatient": [-899.42377471357, -995.7206699396, 67.572068365146],
      "ImageType": [
        "ORIGINAL",
        "PRIMARY",
        "M",
        "ND",
        "MOSAIC"
],
      "ImagedNucleus": "1H",
      "ImagingFrequency": 123.191082,
      "InPlanePhaseEncodingDirection": "COL",
      "LargestImagePixelValue": 65535,
      "MRAcquisitionType": "2D",
      "MagneticFieldStrength": 3.0,
      "Manufacturer": "SIEMENS",
      "ManufacturerModelName": "Prisma",
      "Modality": "MR",
      "NumberOfAverages": 1.0,
      "NumberOfPhaseEncodingSteps": 91,
      "PercentPhaseFieldOfView": 100.0,
      "PercentSampling": 100.0,
      "PerformedProcedureStepStartTime": "102049.080000",
      "PhotometricInterpretation": "MONOCHROME2",
      "PixelBandwidth": 2290.0,
      "PixelRepresentation": 0,
      "PixelSpacing": [2.0, 2.0],
      "ProtocolName": "FMRI_DISTORTION_PA_2mm_66sl",
      "RepetitionTime": 6350.0,
      "Rows": 936,
      "SAR": 0.18940759450984,
      "SamplesPerPixel": 1,
      "ScanOptions": [
        "PFP",
        "FS"
],
      "ScanningSequence": "EP",
      "SequenceName": "epse2d1_104",
      "SequenceVariant": "SK",
      "SeriesDescription": "FMRI_DISTORTION_PA_2mm_66sl",
      "SeriesNumber": 6,
      "SeriesTime": "103113.588000",
      "SliceLocation": -53.389410300267,
      "SliceThickness": 2.0,
      "SmallestImagePixelValue": 0,
      "SoftwareVersions": "syngo MR E11",
      "SpacingBetweenSlices": 1.999999945276,
      "SpecificCharacterSet": "ISO_IR 100",
      "StudyID": "1",
      "StudyTime": "102049.028000",
      "TransmitCoilName": "Body",
      "VariableFlipAngleFlag": "N",
      "WindowCenterWidthExplanation": "Algo1",
      "dBdt": 0.0},
    "slices": {}
  },
  "time": {
    "samples": {
      "AcquisitionNumber": [1, 2, 3],
      "AcquisitionTime": ["103108.082500", "103114.432500", "103120.782500"],
      "ContentTime": ["103113.591000", "103118.587000", "103124.238000"],
      "InstanceCreationTime": ["103113.591000", "103118.587000", "103124.238000"],
      "InstanceNumber": [1, 2, 3],
      "WindowCenter": [12537.0, 12539.0, 12543.0],
      "WindowWidth": [27779.0, 27787.0, 27799.0]
    },
    "slices": {}
  }
}