{
  "AcquisitionMatrixPE": 104,
  "AcquisitionNumber": 1,
  "AcquisitionTime": "10:12:20.077500",
  "BandwidthPerPixelPhaseEncode": 16.297,
  "BaseResolution": 104,
  "BodyPartExamined": "BRAIN",
  "ConsistencyInfo": "N4_VE11C_LATEST_20160120",
  "ConversionSoftware": "dcm2niix",
  "ConversionSoftwareVersion": "v1.0.20190410  GCC6.3.0",
  "DerivedVendorReportedEchoSpacing": 0.000590009,
  "DeviceSerialNumber": "166018",
  "DwellTime": 2.1e-06,
  "EchoTime": 0.0512,
  "EchoTrainLength": 91,
  "EffectiveEchoSpacing": 0.000590009,
  "FlipAngle": 90,
  "ImageOrientationPatientDICOM": [0.995442, 0.0831316, 0.0467403, -0.0820152, 0.996309, -0.0253203],
  "ImageType": [
    "ORIGINAL",
    "PRIMARY",
    "M",
    "ND",
    "MOSAIC"
],
  "ImagingFrequency": 123.191,
  "InPlanePhaseEncodingDirectionDICOM": "COL",
  "InstitutionAddress": "Washington_Place_6_NYC_NYC_US_10003",
  "InstitutionName": "NYU_Center_for_Brain_Imaging",
  "InstitutionalDepartmentName": "Department",
  "MRAcquisitionType": "2D",
  "MagneticFieldStrength": 3,
  "Manufacturer": "Siemens",
  "ManufacturersModelName": "Prisma",
  "Modality": "MR",
  "PartialFourier": 0.875,
  "PatientPosition": "HFS",
  "PercentPhaseFOV": 100,
  "PhaseEncodingDirection": "j",
  "PhaseEncodingSteps": 91,
  "PhaseResolution": 1,
  "PixelBandwidth": 2290,
  "ProcedureStepDescription": "Investigators_Winawer",
  "ProtocolName": "FMRI_DISTORTION_PA_2mm_66sl",
  "PulseSequenceDetails": "%CustomerSeq%_cmrr_mbep2d_se",
  "ReceiveCoilActiveElements": "HC1-7",
  "ReceiveCoilName": "HeadNeck_64",
  "ReconMatrixPE": 104,
  "RepetitionTime": 6.35,
  "SAR": 0.152426,
  "ScanOptions": "PFP_FS",
  "ScanningSequence": "EP",
  "SequenceName": "epse2d1_104",
  "SequenceVariant": "SK",
  "SeriesDescription": "FMRI_DISTORTION_PA_2mm_66sl",
  "SeriesNumber": 6,
  "ShimSetting": [277, -12593, -8545, 325, -6, -111, -35, 26],
  "SliceThickness": 2,
  "SliceTiming": [3.165, 0, 3.26, 0.0975, 3.3575, 0.1925, 3.4525, 0.2875, 3.55, 0.385, 3.645, 0.48, 3.74, 0.575, 3.8375, 0.6725, 3.9325, 0.7675, 4.0275, 0.8625, 4.125, 0.96, 4.22, 1.055, 4.315, 1.1525, 4.4125, 1.2475, 4.5075, 1.3425, 4.605, 1.44, 4.7, 1.535, 4.795, 1.63, 4.8925, 1.7275, 4.9875, 1.8225, 5.0825, 1.9175, 5.18, 2.015, 5.275, 2.11, 5.37, 2.2075, 5.4675, 2.3025, 5.5625, 2.3975, 5.6575, 2.495, 5.755, 2.59, 5.85, 2.685, 5.9475, 2.7825, 6.0425, 2.8775, 6.1375, 2.9725, 6.235, 3.07],
  "SoftwareVersions": "syngo_MR_E11",
  "SpacingBetweenSlices": 2,
  "IntendedFor": [
    "ses-04/func/sub-wlsubj007_ses-04_task-sfprescaled_acq-PA_run-01_bold.nii.gz",
    "ses-04/func/sub-wlsubj007_ses-04_task-sfprescaled_acq-PA_run-01_sbref.nii.gz",
    "ses-04/func/sub-wlsubj007_ses-04_task-sfprescaled_acq-PA_run-02_bold.nii.gz",
    "ses-04/func/sub-wlsubj007_ses-04_task-sfprescaled_acq-PA_run-02_sbref.nii.gz",
    "ses-04/func/sub-wlsubj007_ses-04_task-sfprescaled_acq-PA_run-03_bold.nii.gz",
    "ses-04/func/sub-wlsubj007_ses-04_task-sfprescaled_acq-PA_run-03_sbref.nii.gz",
    "ses-04/func/sub-wlsubj007_ses-04_task-sfprescaled_acq-PA_run-04_bold.nii.gz",
    "ses-04/func/sub-wlsubj007_ses-04_task-sfprescaled_acq-PA_run-04_sbref.nii.gz",
    "ses-04/func/sub-wlsubj007_ses-04_task-sfprescaled_acq-PA_run-05_bold.nii.gz",
    "ses-04/func/sub-wlsubj007_ses-04_task-sfprescaled_acq-PA_run-05_sbref.nii.gz",
    "ses-04/func/sub-wlsubj007_ses-04_task-sfprescaled_acq-PA_run-06_bold.nii.gz",
    "ses-04/func/sub-wlsubj007_ses-04_task-sfprescaled_acq-PA_run-06_sbref.nii.gz",
    "ses-04/func/sub-wlsubj007_ses-04_task-sfprescaled_acq-PA_run-07_bold.nii.gz",
    "ses-04/func/sub-wlsubj007_ses-04_task-sfprescaled_acq-PA_run-07_sbref.nii.gz",
    "ses-04/func/sub-wlsubj007_ses-04_task-sfprescaled_acq-PA_run-08_bold.nii.gz",
    "ses-04/func/sub-wlsubj007_ses-04_task-sfprescaled_acq-PA_run-08_sbref.nii.gz",
    "ses-04/func/sub-wlsubj007_ses-04_task-sfprescaled_acq-PA_run-09_bold.nii.gz",
    "ses-04/func/sub-wlsubj007_ses-04_task-sfprescaled_acq-PA_run-09_sbref.nii.gz",
    "ses-04/func/sub-wlsubj007_ses-04_task-sfprescaled_acq-PA_run-10_bold.nii.gz",
    "ses-04/func/sub-wlsubj007_ses-04_task-sfprescaled_acq-PA_run-10_sbref.nii.gz",
    "ses-04/func/sub-wlsubj007_ses-04_task-sfprescaled_acq-PA_run-11_bold.nii.gz",
    "ses-04/func/sub-wlsubj007_ses-04_task-sfprescaled_acq-PA_run-11_sbref.nii.gz",
    "ses-04/func/sub-wlsubj007_ses-04_task-sfprescaled_acq-PA_run-12_bold.nii.gz",
    "ses-04/func/sub-wlsubj007_ses-04_task-sfprescaled_acq-PA_run-12_sbref.nii.gz"
  ],
  "TotalReadoutTime": 0.060771,
  "TxRefAmp": 203.092,
  "WipMemBlock": "d1a54bd2-dba9-4b37-baf4-4288e93d2a39||Sequence: R016 ve11c/master r/8780670; Nov 27 2017 15:08:10 by eja",
  "dcmmeta_affine": [
    [-1.990883708000183, -0.16403035819530487, 0.09734547138214111, 113.74717712402344],
    [-0.16626325249671936, 1.9926187992095947, -0.04274289309978485, -73.30086517333984],
    [0.09348063915967941, 0.05064055323600769, 1.997172236442566, -41.04076385498047],
    [0.0, 0.0, 0.0, 1.0]
],
  "dcmmeta_reorient_transform": [
    [0.0, -1.0, 0.0, 103.0],
    [1.0, 0.0, 0.0, 0.0],
    [0.0, 0.0, 1.0, 0.0],
    [0.0, 0.0, 0.0, 1.0]
],
  "dcmmeta_shape": [104, 104, 66, 3],
  "dcmmeta_slice_dim": 2,
  "dcmmeta_version": 0.6,
  "global": {
    "const": {
      "AccessionNumber": "jv3y3i0c",
      "AcquisitionMatrix": [104, 0, 0, 104],
      "AngioFlag": "N",
      "BitsAllocated": 16,
      "BitsStored": 16,
      "BodyPartExamined": "BRAIN",
      "Columns": 936,
      "EchoNumbers": 1,
      "EchoTime": 51.2,
      "EchoTrainLength": 91,
      "FlipAngle": 90.0,
      "HighBit": 15,
      "ImageOrientationPatient": [0.99544184899904, 0.08313162831178, 0.04674032130395, -0.0820151813389, 0.99630938650778, -0.0253202761922],
      "ImagePositionPatient": [-856.82303483909, -1030.0337956389, -53.646265343491],
      "ImageType": [
        "ORIGINAL",
        "PRIMARY",
        "M",
        "ND",
        "MOSAIC"
],
      "ImagedNucleus": "1H",
      "ImagingFrequency": 123.191082,
      "InPlanePhaseEncodingDirection": "COL",
      "LargestImagePixelValue": 65535,
      "MRAcquisitionType": "2D",
      "MagneticFieldStrength": 3.0,
      "Manufacturer": "SIEMENS",
      "ManufacturerModelName": "Prisma",
      "Modality": "MR",
      "NumberOfAverages": 1.0,
      "NumberOfPhaseEncodingSteps": 91,
      "PercentPhaseFieldOfView": 100.0,
      "PercentSampling": 100.0,
      "PerformedProcedureStepStartTime": "100021.887000",
      "PhotometricInterpretation": "MONOCHROME2",
      "PixelBandwidth": 2290.0,
      "PixelRepresentation": 0,
      "PixelSpacing": [2.0, 2.0],
      "ProtocolName": "FMRI_DISTORTION_PA_2mm_66sl",
      "RepetitionTime": 6350.0,
      "Rows": 936,
      "SAR": 0.15242576957942,
      "SamplesPerPixel": 1,
      "ScanOptions": [
        "PFP",
        "FS"
],
      "ScanningSequence": "EP",
      "SequenceName": "epse2d1_104",
      "SequenceVariant": "SK",
      "SeriesDescription": "FMRI_DISTORTION_PA_2mm_66sl",
      "SeriesNumber": 6,
      "SeriesTime": "101225.412000",
      "SliceLocation": -33.879805977721,
      "SliceThickness": 2.0,
      "SmallestImagePixelValue": 0,
      "SoftwareVersions": "syngo MR E11",
      "SpacingBetweenSlices": 2.0000000256817,
      "SpecificCharacterSet": "ISO_IR 100",
      "StudyID": "1",
      "StudyTime": "100021.836000",
      "TransmitCoilName": "Body",
      "VariableFlipAngleFlag": "N",
      "WindowCenterWidthExplanation": "Algo1",
      "dBdt": 0.0},
    "slices": {}
  },
  "time": {
    "samples": {
      "AcquisitionNumber": [1, 2, 3],
      "AcquisitionTime": ["101220.077500", "101226.427500", "101232.777500"],
      "ContentTime": ["101225.415000", "101230.410000", "101236.234000"],
      "InstanceCreationTime": ["101225.415000", "101230.410000", "101236.234000"],
      "InstanceNumber": [1, 2, 3],
      "WindowCenter": [13667.0, 13662.0, 13651.0],
      "WindowWidth": [31151.0, 31130.0, 31094.0]
    },
    "slices": {}
  }
}