{
  "AcquisitionMatrixPE": 104,
  "AcquisitionNumber": 1,
  "AcquisitionTime": "16:19:39.522500",
  "BandwidthPerPixelPhaseEncode": 16.578,
  "BaseResolution": 104,
  "BodyPartExamined": "BRAIN",
  "ConsistencyInfo": "N4_VE11C_LATEST_20160120",
  "ConversionSoftware": "dcm2niix",
  "ConversionSoftwareVersion": "v1.0.20190410  GCC6.3.0",
  "DerivedVendorReportedEchoSpacing": 0.000580009,
  "DeviceSerialNumber": "166018",
  "DwellTime": 2.1e-06,
  "EchoTime": 0.037,
  "EchoTrainLength": 104,
  "EffectiveEchoSpacing": 0.000580009,
  "FlipAngle": 68,
  "ImageComments": "Single-band_reference",
  "ImageOrientationPatientDICOM": [0.999403, 0.0342904, 0.00416753, -0.0324551, 0.973451, -0.226581],
  "ImageType": [
    "ORIGINAL",
    "PRIMARY",
    "M",
    "ND",
    "MOSAIC"
],
  "ImagingFrequency": 123.191,
  "InPlanePhaseEncodingDirectionDICOM": "COL",
  "InstitutionAddress": "Washington_Place_6_NYC_NYC_US_10003",
  "InstitutionName": "NYU_-_CBI",
  "InstitutionalDepartmentName": "Department",
  "MRAcquisitionType": "2D",
  "MagneticFieldStrength": 3,
  "Manufacturer": "Siemens",
  "ManufacturersModelName": "Prisma",
  "Modality": "MR",
  "PartialFourier": 1,
  "PatientPosition": "HFS",
  "PercentPhaseFOV": 100,
  "PhaseEncodingDirection": "j",
  "PhaseEncodingSteps": 104,
  "PhaseResolution": 1,
  "PixelBandwidth": 2290,
  "ProcedureStepDescription": "Investigators_Winawer",
  "ProtocolName": "task-sfprescaled_cmrr_mbepi_s6_2mm_66sl_PA_TR1.0",
  "PulseSequenceDetails": "%CustomerSeq%_cmrr_mbep2d_bold",
  "ReceiveCoilActiveElements": "HC1-7",
  "ReceiveCoilName": "HeadNeck_64",
  "ReconMatrixPE": 104,
  "RepetitionTime": 1,
  "SAR": 0.0720179,
  "ScanOptions": "FS",
  "ScanningSequence": "EP",
  "SequenceName": "epfid2d1_104",
  "SequenceVariant": "SK_SS",
  "SeriesDescription": "task-sfprescaled_cmrr_mbepi_s6_2mm_66sl_PA_TR1.0_SBRef",
  "SeriesNumber": 23,
  "ShimSetting": [251, -12599, -8434, 396, -51, -72, -50, -8],
  "SliceThickness": 2,
  "SliceTiming": [0, 0.0875, 0.1775, 0.265, 0.355, 0.445, 0.5325, 0.6225, 0.7125, 0.8, 0.89, 0.9775, 1.0675, 1.1575, 1.245, 1.335, 1.425, 1.5125, 1.6025, 1.6925, 1.78, 1.87, 1.9575, 2.0475, 2.1375, 2.225, 2.315, 2.405, 2.4925, 2.5825, 2.67, 2.76, 2.85, 2.9375, 3.0275, 3.1175, 3.205, 3.295, 3.385, 3.4725, 3.5625, 3.65, 3.74, 3.83, 3.9175, 4.0075, 4.0975, 4.185, 4.275, 4.3625, 4.4525, 4.5425, 4.63, 4.72, 4.81, 4.8975, 4.9875, 5.0775, 5.165, 5.255, 5.3425, 5.4325, 5.5225, 5.61, 5.7, 5.79],
  "SoftwareVersions": "syngo_MR_E11",
  "SpacingBetweenSlices": 2,
  "StationName": "AWP166018",
  "TaskName": "sfprescaled",
  "TotalReadoutTime": 0.0597409,
  "TxRefAmp": 249.599,
  "WipMemBlock": "aba3b49b-1270-4050-a1a2-8a36a547e145||Sequence: R016 ve11c/master r/8780670; Nov 27 2017 15:05:12 by eja",
  "dcmmeta_affine": [
    [-1.9988064765930176, -0.06491026282310486, 0.02365286834537983, 111.34695434570312],
    [-0.06858080625534058, 1.9469029903411865, -0.45262065529823303, -66.66215515136719],
    [0.008335058577358723, 0.4531616270542145, 1.9479668140411377, -76.0469741821289],
    [0.0, 0.0, 0.0, 1.0]
],
  "dcmmeta_reorient_transform": [
    [0.0, -1.0, 0.0, 103.0],
    [1.0, 0.0, 0.0, 0.0],
    [0.0, 0.0, 1.0, 0.0],
    [0.0, 0.0, 0.0, 1.0]
],
  "dcmmeta_shape": [104, 104, 66],
  "dcmmeta_slice_dim": 2,
  "dcmmeta_version": 0.6,
  "global": {
    "const": {
      "AccessionNumber": "k5oeerc6",
      "AcquisitionMatrix": [104, 0, 0, 104],
      "AcquisitionNumber": 1,
      "AcquisitionTime": "161939.522500",
      "AngioFlag": "N",
      "BitsAllocated": 16,
      "BitsStored": 16,
      "BodyPartExamined": "BRAIN",
      "Columns": 936,
      "ContentTime": "162101.941000",
      "EchoNumbers": 1,
      "EchoTime": 37.0,
      "EchoTrainLength": 104,
      "FlipAngle": 68.0,
      "HighBit": 15,
      "ImageOrientationPatient": [0.99940322193055, 0.03429040237546, 0.00416752921482, -0.0324551295973, 0.97345148859879, -0.2265808109872],
      "ImagePositionPatient": [-909.16201338096, -972.31010395215, 155.67652003242],
      "ImageType": [
        "ORIGINAL",
        "PRIMARY",
        "M",
        "ND",
        "MOSAIC"
],
      "ImagedNucleus": "1H",
      "ImagingFrequency": 123.190725,
      "InPlanePhaseEncodingDirection": "COL",
      "InstanceCreationTime": "162101.941000",
      "InstanceNumber": 1,
      "LargestImagePixelValue": 65535,
      "MRAcquisitionType": "2D",
      "MagneticFieldStrength": 3.0,
      "Manufacturer": "SIEMENS",
      "ManufacturerModelName": "Prisma",
      "Modality": "MR",
      "NumberOfAverages": 1.0,
      "NumberOfPhaseEncodingSteps": 104,
      "PercentPhaseFieldOfView": 100.0,
      "PercentSampling": 100.0,
      "PerformedProcedureStepStartTime": "153551.925000",
      "PhotometricInterpretation": "MONOCHROME2",
      "PixelBandwidth": 2290.0,
      "PixelRepresentation": 0,
      "PixelSpacing": [2.0, 2.0],
      "ProtocolName": "task-sfprescaled_cmrr_mbepi_s6_2mm_66sl_PA_TR1.0",
      "RepetitionTime": 1000.0,
      "Rows": 936,
      "SAR": 0.07201794662423,
      "SamplesPerPixel": 1,
      "ScanOptions": "FS",
      "ScanningSequence": "EP",
      "SequenceName": "epfid2d1_104",
      "SequenceVariant": [
        "SK",
        "SS"
],
      "SeriesDescription": "task-sfprescaled_cmrr_mbepi_s6_2mm_66sl_PA_TR1.0_SBRef",
      "SeriesNumber": 23,
      "SeriesTime": "162101.937000",
      "SliceLocation": -57.665325382993,
      "SliceThickness": 2.0,
      "SmallestImagePixelValue": 0,
      "SoftwareVersions": "syngo MR E11",
      "SpacingBetweenSlices": 1.999999922841,
      "SpecificCharacterSet": "ISO_IR 100",
      "StudyID": "1",
      "StudyTime": "153551.820000",
      "TransmitCoilName": "Body",
      "VariableFlipAngleFlag": "N",
      "WindowCenter": 12886.0,
      "WindowCenterWidthExplanation": "Algo1",
      "WindowWidth": 27844.0,
      "dBdt": 0.0},
    "slices": {}
  }
}